GEM
  remote: http://rubygems.org/
  remote: http://gems.plus4u.net/
  specs:
    addressable (2.5.2)
      public_suffix (>= 2.0.2, < 4.0)
    ansi (1.5.0)
    bson (4.3.0)
    builder (3.2.3)
    gibberish (1.3.1)
    httpclient (2.8.3)
    json (1.8.6)
    jwt (1.5.6)
    launchy (2.4.3)
      addressable (~> 2.3)
    log4r (1.1.10)
    lru_redux (1.1.0)
    minitest (5.11.3)
    minitest-reporters (1.1.19)
      ansi
      builder
      minitest (>= 5.0)
      ruby-progressbar
    mongo (2.5.0)
      bson (>= 4.3.0, < 5.0.0)
    plus4u_people (2.0.0)
      uu_os
      uu_os_cmd
    public_suffix (3.0.2)
    rack (1.6.8)
    rack-cors (0.4.1)
    ruby-progressbar (1.9.0)
    rubyzip (1.2.1)
    uri_template (0.7.0)
    uu_appg01_core-annotations (3.2.2)
      uu_appg01_core-logging (~> 3.0)
      uu_appg01_core-util (~> 3.0)
    uu_appg01_core-appclient (3.2.2)
      httpclient (~> 2.6)
      rack (~> 1.6)
      uu_appg01_core-concurrent (~> 3.0)
      uu_appg01_core-marshalling (~> 3.0)
      uu_appg01_core-perflog (~> 3.0)
      uu_appg01_core-uri (~> 3.0)
      uu_appg01_core-util (~> 3.0)
    uu_appg01_core-appserver (3.2.2)
      rack (~> 1.6)
      uri_template (~> 0.7)
      uu_appg01_core-annotations (~> 3.0)
      uu_appg01_core-concurrent (~> 3.0)
      uu_appg01_core-logging (~> 3.0)
      uu_appg01_core-marshalling (~> 3.0)
      uu_appg01_core-perflog (~> 3.0)
      uu_appg01_core-uri (~> 3.0)
      uu_appg01_core-util (~> 3.0)
      uu_appg01_core-validation (~> 3.0)
    uu_appg01_core-concurrent (3.2.2)
      uu_appg01_core-util (~> 3.0)
    uu_appg01_core-logging (3.2.2)
      json (~> 1.8)
      uu_appg01_core-concurrent (~> 3.0)
      uu_appg01_core-util (~> 3.0)
    uu_appg01_core-marshalling (3.2.2)
      json (~> 1.8)
      uu_appg01_core-util (~> 3.0)
    uu_appg01_core-perflog (3.2.2)
      uu_appg01_core-concurrent (~> 3.0)
      uu_appg01_core-logging (~> 3.0)
      uu_appg01_core-marshalling (~> 3.0)
      uu_appg01_core-util (~> 3.0)
    uu_appg01_core-persistence (3.2.2)
      lru_redux (~> 1.1)
      uu_appg01_core-util (~> 3.0)
    uu_appg01_core-persistence-mongo (3.2.2)
      mongo (~> 2.2)
      uu_appg01_core-logging (~> 3.0)
      uu_appg01_core-persistence (~> 3.0)
    uu_appg01_core-persistence-mongo-test (3.2.2)
      mongo (~> 2.2)
      rubyzip (~> 1.2)
      uu_appg01_core-logging (~> 3.0)
      uu_appg01_core-persistence (~> 3.0)
    uu_appg01_core-test (3.2.2)
      minitest (~> 5.8)
      minitest-reporters (~> 1.1)
      rack (~> 1.6)
      rack-cors (~> 0.4.1)
      uu_appg01_core-annotations (~> 3.0)
      uu_appg01_core-logging (~> 3.0)
      uu_appg01_core-marshalling (~> 3.0)
      uu_appg01_core-util (~> 3.0)
    uu_appg01_core-uri (3.2.2)
      uu_appg01_core-util (~> 3.0)
    uu_appg01_core-util (3.2.2)
    uu_appg01_core-validation (3.2.2)
      uu_appg01_core-util (~> 3.0)
    uu_appg01_objectstore-mongo (3.1.0)
      lru_redux (~> 1.1)
      uu_appg01_core-persistence-mongo (~> 3.0)
    uu_appg01_server (3.2.2)
      uu_appg01_core-appserver (~> 3.0)
      uu_appg01_core-uri (~> 3.0)
      uu_appg01_core-util (~> 3.0)
      uu_appg01_workspace (~> 3.0)
      uu_oidcg01 (~> 3.0)
    uu_appg01_server-client (3.2.2)
      uu_appg01_core-appclient (~> 3.0)
      uu_appg01_core-uri (~> 3.0)
      uu_oidcg01 (~> 3.0)
    uu_appg01_workspace (3.2.1)
      lru_redux (~> 1.1)
      uu_appg01_core-appclient (~> 3.0)
      uu_appg01_core-appserver (~> 3.0)
      uu_appg01_core-validation (~> 3.0)
      uu_appg01_objectstore-mongo (~> 3.0)
    uu_appg01_workspace-test (3.2.1)
      bundler (~> 1.13)
      lru_redux (~> 1.1)
      minitest (~> 5.8)
      minitest-reporters (~> 1.1)
      uu_appg01_core-appclient (~> 3.0)
      uu_appg01_core-persistence-mongo-test (~> 3.0)
      uu_appg01_core-test (~> 3.0)
      uu_appg01_core-util (~> 3.0)
      uu_oidcg01 (~> 3.0)
    uu_digitalworkspace (0.27.13)
      uu_os_framework (~> 0.29.0)
    uu_oidcg01 (3.2.3)
      httpclient (~> 2.6)
      json (~> 1.8)
      jwt (~> 1.5)
      launchy (~> 2.4)
      lru_redux (~> 1.1)
      uu_appg01_core-perflog (~> 3.0)
      uu_oidcg01_main-commons (~> 3.0)
    uu_oidcg01_main-commons (3.2.3)
      json (~> 1.8)
      jwt (~> 1.5)
      lru_redux (~> 1.1)
      uu_appg01_core-logging (~> 3.0)
      uu_appg01_core-uri (~> 3.0)
      uu_appg01_core-util (~> 3.0)
    uu_os (0.29.13)
      uu_uds (~> 0.26.0)
    uu_os_application (2.2.0)
      json (~> 1.8)
      uu_os_commons (~> 1.2)
      uu_os_connection (~> 2.2)
    uu_os_cmd (2.2.5)
      json (~> 1.8)
      uu_os_application (~> 2.2)
      uu_os_commons (~> 1.5)
      uu_os_connection (~> 2.2)
    uu_os_commons (1.5.0)
      json (~> 1.8)
    uu_os_connection (2.2.4)
      httpclient (~> 2.8)
      json (~> 1.8)
      uu_os_commons (~> 1.2)
    uu_os_framework (0.29.13)
      gibberish (~> 1.3.1)
      json (~> 1.8)
      log4r (= 1.1.10)
      uu_os_cmd (~> 2.0)
    uu_uds (0.26.13)
      uu_os_framework (~> 0.29.0)

PLATFORMS
  ruby

DEPENDENCIES
  plus4u_people
  uu_appg01_server (~> 3.0)
  uu_appg01_server-client (~> 3.0)
  uu_appg01_workspace-test (~> 3.0)
  uu_digitalworkspace
  uu_os

BUNDLED WITH
   1.16.1
